GEM
  remote: http://rubygems.org/
  specs:
    ZenTest (4.5.0)
    abstract (1.0.0)
    actionmailer (3.0.5)
      actionpack (= 3.0.5)
      mail (~> 2.2.15)
    actionpack (3.0.5)
      activemodel (= 3.0.5)
      activesupport (= 3.0.5)
      builder (~> 2.1.2)
      erubis (~> 2.6.6)
      i18n (~> 0.4)
      rack (~> 1.2.1)
      rack-mount (~> 0.6.13)
      rack-test (~> 0.5.7)
      tzinfo (~> 0.3.23)
    activemodel (3.0.5)
      activesupport (= 3.0.5)
      builder (~> 2.1.2)
      i18n (~> 0.4)
    activerecord (3.0.5)
      activemodel (= 3.0.5)
      activesupport (= 3.0.5)
      arel (~> 2.0.2)
      tzinfo (~> 0.3.23)
    activeresource (3.0.5)
      activemodel (= 3.0.5)
      activesupport (= 3.0.5)
    activesupport (3.0.5)
    acts_as_list (0.1.2)
    albino (1.3.2)
      posix-spawn (>= 0.3.3)
    annotate (2.4.0)
    arel (2.0.9)
    autotest (4.4.6)
      ZenTest (>= 4.4.1)
    babosa (0.2.2)
    bcrypt-ruby (2.1.4)
    bitfields (0.3.0)
    builder (2.1.2)
    canable (0.1.1)
    capistrano (2.5.20)
      highline
      highline
      net-scp (>= 1.0.0)
      net-scp
      net-sftp
      net-sftp (>= 2.0.0)
      net-ssh (>= 2.0.14)
      net-ssh
      net-ssh-gateway
      net-ssh-gateway (>= 1.0.0)
    carrierwave (0.5.2)
      activesupport (~> 3.0)
    chalofa_ruby-progressbar (0.0.9.1)
    closure-compiler (1.0.0)
    daemons (1.1.0)
    devise (1.1.8)
      bcrypt-ruby (~> 2.1.2)
      warden (~> 1.0.2)
    diff-lcs (1.1.2)
    erubis (2.6.6)
      abstract (>= 1.0.0)
    eventmachine (0.12.10)
    factory_girl (1.3.3)
    factory_girl_rails (1.0.1)
      factory_girl (~> 1.3)
      railties (>= 3.0.0)
    faker (0.9.5)
      i18n (~> 0.4)
    french_rails (0.2.6)
      rails (~> 3.0.0)
    friendly_id (3.2.1)
      babosa (~> 0.2.1)
    fuubar (0.0.4)
      chalofa_ruby-progressbar (~> 0.0.9)
      rspec (~> 2.0)
      rspec-instafail (~> 0.1.4)
    haml (3.0.25)
    haml-rails (0.3.4)
      actionpack (~> 3.0)
      activesupport (~> 3.0)
      haml (~> 3.0)
      railties (~> 3.0)
    highline (1.6.1)
    html_truncator (0.2.1)
      nokogiri (~> 1.4)
    htmlentities (4.2.4)
    i18n (0.5.0)
    jammit (0.6.0)
      closure-compiler (>= 0.1.0)
      yui-compressor (>= 0.9.1)
    jquery-rails (0.2.7)
      rails (~> 3.0)
      thor (~> 0.14.4)
    kaminari (0.10.4)
      rails (>= 3.0.0)
    kgio (2.3.3)
    mail (2.2.15)
      activesupport (>= 2.3.6)
      i18n (>= 0.4.0)
      mime-types (~> 1.16)
      treetop (~> 1.4.8)
    mime-types (1.16)
    mini_magick (3.2)
      subexec (~> 0.0.4)
    mysql2 (0.2.6)
    net-scp (1.0.4)
      net-ssh (>= 1.99.1)
    net-sftp (2.0.5)
      net-ssh (>= 2.0.9)
    net-ssh (2.1.3)
    net-ssh-gateway (1.0.1)
      net-ssh (>= 1.99.1)
    nokogiri (1.4.4)
    nono-redis-store (1.0.0)
      redis (>= 2.0.0)
    polyglot (0.3.1)
    posix-spawn (0.3.3)
    rack (1.2.2)
    rack-mount (0.6.13)
      rack (>= 1.0.0)
    rack-test (0.5.7)
      rack (>= 1.0)
    rails (3.0.5)
      actionmailer (= 3.0.5)
      actionpack (= 3.0.5)
      activerecord (= 3.0.5)
      activeresource (= 3.0.5)
      activesupport (= 3.0.5)
      bundler (~> 1.0)
      railties (= 3.0.5)
    rails3-generators (0.17.4)
      railties (>= 3.0.0)
    railties (3.0.5)
      actionpack (= 3.0.5)
      activesupport (= 3.0.5)
      rake (>= 0.8.7)
      thor (~> 0.14.4)
    rake (0.8.7)
    rdiscount (1.6.8)
    redis (2.1.1)
    rspec (2.5.0)
      rspec-core (~> 2.5.0)
      rspec-expectations (~> 2.5.0)
      rspec-mocks (~> 2.5.0)
    rspec-core (2.5.1)
    rspec-expectations (2.5.0)
      diff-lcs (~> 1.1.2)
    rspec-instafail (0.1.7)
    rspec-mocks (2.5.0)
    rspec-rails (2.5.0)
      actionpack (~> 3.0)
      activesupport (~> 3.0)
      railties (~> 3.0)
      rspec (~> 2.5.0)
    sanitize (2.0.1)
      nokogiri (~> 1.4.4)
    simple_autocomplete (0.3.8)
    sitemap_generator (1.4.0)
    spork (0.8.4)
    state_machine (0.9.4)
    subexec (0.0.4)
    thin (1.2.8)
      daemons (>= 1.0.9)
      eventmachine (>= 0.12.6)
      rack (>= 1.0.0)
    thor (0.14.6)
    treetop (1.4.9)
      polyglot (>= 0.3.1)
    tzinfo (0.3.25)
    unicorn (3.5.0)
      kgio (~> 2.3)
      rack
    warden (1.0.3)
      rack (>= 1.0.0)
    webrat (0.7.3)
      nokogiri (>= 1.2.0)
      rack (>= 1.0)
      rack-test (>= 0.5.3)
    yui-compressor (0.9.4)

PLATFORMS
  ruby

DEPENDENCIES
  acts_as_list (~> 0.1)
  albino (~> 1.3)
  annotate
  autotest
  bitfields (~> 0.3)
  canable (~> 0.1)
  capistrano
  carrierwave (~> 0.5)
  devise (~> 1.1)
  factory_girl_rails (~> 1.0)
  faker (~> 0.9)
  french_rails (~> 0.2)
  friendly_id (~> 3.1)
  fuubar (~> 0.0)
  haml (~> 3.0)
  haml-rails
  html_truncator (~> 0.2)
  htmlentities (~> 4.2)
  jammit (~> 0.5)
  jquery-rails
  kaminari (~> 0.10)
  mini_magick (~> 3.2)
  mysql2 (~> 0.2)
  nokogiri (~> 1.4)
  nono-redis-store (~> 1.0)
  rails (= 3.0.5)
  rails3-generators
  rdiscount (~> 1.6)
  redis (~> 2.1)
  rspec-rails (~> 2.5)
  sanitize (~> 2.0)
  simple_autocomplete (~> 0.3)
  sitemap_generator (~> 1.4)
  spork (~> 0.8)
  state_machine (~> 0.9)
  thin
  unicorn (~> 3.0)
  webrat (~> 0.7)
